GEM
  remote: http://torquebox.org/rubygems/
  remote: https://rubygems.org/
  specs:
    actionmailer (3.2.13)
      actionpack (= 3.2.13)
      mail (~> 2.5.3)
    actionpack (3.2.13)
      activemodel (= 3.2.13)
      activesupport (= 3.2.13)
      builder (~> 3.0.0)
      erubis (~> 2.7.0)
      journey (~> 1.0.4)
      rack (~> 1.4.5)
      rack-cache (~> 1.2)
      rack-test (~> 0.6.1)
      sprockets (~> 2.2.1)
    activemodel (3.2.13)
      activesupport (= 3.2.13)
      builder (~> 3.0.0)
    activerecord (3.2.13)
      activemodel (= 3.2.13)
      activesupport (= 3.2.13)
      arel (~> 3.0.2)
      tzinfo (~> 0.3.29)
    activerecord-jdbc-adapter (1.3.0)
      activerecord (>= 2.2)
    activerecord-jdbcmysql-adapter (1.3.0)
      activerecord-jdbc-adapter (~> 1.3.0)
      jdbc-mysql (~> 5.1.0)
    activeresource (3.2.13)
      activemodel (= 3.2.13)
      activesupport (= 3.2.13)
    activesupport (3.2.13)
      i18n (= 0.6.1)
      multi_json (~> 1.0)
    arel (3.0.2)
    blankslate (2.1.2.4)
    bouncy-castle-java (1.5.0147)
    builder (3.0.4)
    celluloid (0.15.1)
      timers (~> 1.1.0)
    coffee-rails (3.2.2)
      coffee-script (>= 2.2.0)
      railties (~> 3.2.0)
    coffee-script (2.2.0)
      coffee-script-source
      execjs
    coffee-script-source (1.6.3)
    connection_pool (1.1.0)
    edn (1.0.0)
      parslet (~> 1.4.0)
    erubis (2.7.0)
    execjs (2.0.1)
    haml (4.0.3)
      tilt
    haml-rails (0.4)
      actionpack (>= 3.1, < 4.1)
      activesupport (>= 3.1, < 4.1)
      haml (>= 3.1, < 4.1)
      railties (>= 3.1, < 4.1)
    hike (1.2.3)
    i18n (0.6.1)
    jdbc-mysql (5.1.25)
    journey (1.0.4)
    jruby-openssl (0.8.8)
      bouncy-castle-java (>= 1.5.0147)
    json (1.8.0)
    json (1.8.0-java)
    mail (2.5.4)
      mime-types (~> 1.16)
      treetop (~> 1.4.8)
    mime-types (1.25)
    multi_json (1.8.0)
    parslet (1.4.0)
      blankslate (~> 2.0)
    polyglot (0.3.3)
    rack (1.4.5)
    rack-cache (1.2)
      rack (>= 0.4)
    rack-ssl (1.3.3)
      rack
    rack-test (0.6.2)
      rack (>= 1.0)
    rails (3.2.13)
      actionmailer (= 3.2.13)
      actionpack (= 3.2.13)
      activerecord (= 3.2.13)
      activeresource (= 3.2.13)
      activesupport (= 3.2.13)
      bundler (~> 1.0)
      railties (= 3.2.13)
    railties (3.2.13)
      actionpack (= 3.2.13)
      activesupport (= 3.2.13)
      rack-ssl (~> 1.3.2)
      rake (>= 0.8.7)
      rdoc (~> 3.4)
      thor (>= 0.14.6, < 2.0)
    rake (10.1.0)
    rdoc (3.12.2)
      json (~> 1.4)
    redis (3.0.4)
    redis-namespace (1.3.1)
      redis (~> 3.0.0)
    redis-objects (0.7.0)
      redis (>= 3.0.2)
    sass (3.2.10)
    sass-rails (3.2.6)
      railties (~> 3.2.0)
      sass (>= 3.1.10)
      tilt (~> 1.3)
    sidekiq (2.14.1)
      celluloid (>= 0.14.1)
      connection_pool (>= 1.0.0)
      json
      redis (>= 3.0.4)
      redis-namespace (>= 1.3.1)
    sprockets (2.2.2)
      hike (~> 1.2)
      multi_json (~> 1.0)
      rack (~> 1.0)
      tilt (~> 1.1, != 1.3.0)
    thor (0.18.1)
    tilt (1.4.1)
    timers (1.1.0)
    torquebox (3.0.0)
      thor (>= 0.14.6)
      torquebox-cache (= 3.0.0)
      torquebox-configure (= 3.0.0)
      torquebox-core (= 3.0.0)
      torquebox-messaging (= 3.0.0)
      torquebox-naming (= 3.0.0)
      torquebox-rake-support (= 3.0.0)
      torquebox-security (= 3.0.0)
      torquebox-stomp (= 3.0.0)
      torquebox-transactions (= 3.0.0)
      torquebox-web (= 3.0.0)
    torquebox-cache (3.0.0-java)
      torquebox-core (= 3.0.0)
      torquebox-transactions (= 3.0.0)
    torquebox-configure (3.0.0-java)
      blankslate (= 2.1.2.4)
    torquebox-core (3.0.0-java)
      edn (= 1.0.0)
    torquebox-messaging (3.0.0-java)
      torquebox-core (= 3.0.0)
      torquebox-transactions (= 3.0.0)
    torquebox-naming (3.0.0-java)
      torquebox-core (= 3.0.0)
    torquebox-rake-support (3.0.0)
      rake (>= 0.8.7)
    torquebox-security (3.0.0-java)
      torquebox-core (= 3.0.0)
    torquebox-server (3.0.0-java)
      torquebox (= 3.0.0)
    torquebox-stomp (3.0.0)
      torquebox-core (= 3.0.0)
      torquebox-messaging (= 3.0.0)
    torquebox-transactions (3.0.0)
      torquebox-core (= 3.0.0)
    torquebox-web (3.0.0-java)
    treetop (1.4.15)
      polyglot
      polyglot (>= 0.3.1)
    tzinfo (0.3.37)
    uglifier (2.2.1)
      execjs (>= 0.3.0)
      multi_json (~> 1.0, >= 1.0.2)

PLATFORMS
  java
  ruby

DEPENDENCIES
  activerecord-jdbcmysql-adapter
  coffee-rails (~> 3.2.1)
  haml-rails
  jruby-openssl
  rails (= 3.2.13)
  redis-objects
  sass-rails (~> 3.2.3)
  sidekiq
  torquebox (= 3.0.0)
  torquebox-server (= 3.0.0)
  uglifier (>= 1.0.3)
